PATH
  remote: .
  specs:
    cucumber_in_groups (0.0.3)
      activesupport
      cucumber (~> 4.0)

GEM
  remote: https://rubygems.org/
  specs:
    activesupport (6.0.3.2)
      concurrent-ruby (~> 1.0, >= 1.0.2)
      i18n (>= 0.7, < 2)
      minitest (~> 5.1)
      tzinfo (~> 1.1)
      zeitwerk (~> 2.2, >= 2.2.2)
    builder (3.2.4)
    concurrent-ruby (1.1.7)
    cucumber (4.1.0)
      builder (~> 3.2, >= 3.2.3)
      cucumber-core (~> 7.1, >= 7.1.0)
      cucumber-create-meta (~> 1.0.0, >= 1.0.0)
      cucumber-cucumber-expressions (~> 10.1, >= 10.1.0)
      cucumber-gherkin (~> 14.0, >= 14.0.1)
      cucumber-html-formatter (~> 7.0, >= 7.0.0)
      cucumber-messages (~> 12.2, >= 12.2.0)
      cucumber-wire (~> 3.1, >= 3.1.0)
      diff-lcs (~> 1.3, >= 1.3, < 1.4)
      multi_test (~> 0.1, >= 0.1.2)
      sys-uname (~> 1.0, >= 1.0.2)
    cucumber-core (7.1.0)
      cucumber-gherkin (~> 14.0, >= 14.0.1)
      cucumber-messages (~> 12.2, >= 12.2.0)
      cucumber-tag-expressions (~> 2.0, >= 2.0.4)
    cucumber-create-meta (1.0.0)
      cucumber-messages (~> 12.2, >= 12.2.0)
      sys-uname (~> 1.2, >= 1.2.1)
    cucumber-cucumber-expressions (10.3.0)
    cucumber-gherkin (14.2.0)
      cucumber-messages (~> 12.4, >= 12.4.0)
    cucumber-html-formatter (7.2.0)
      cucumber-messages (~> 12.4, >= 12.4.0)
    cucumber-messages (12.4.0)
      protobuf-cucumber (~> 3.10, >= 3.10.8)
    cucumber-tag-expressions (2.0.4)
    cucumber-wire (3.1.0)
      cucumber-core (~> 7.1, >= 7.1.0)
      cucumber-cucumber-expressions (~> 10.1, >= 10.1.0)
      cucumber-messages (~> 12.2, >= 12.2.0)
    diff-lcs (1.3)
    ffi (1.13.1)
    i18n (1.8.5)
      concurrent-ruby (~> 1.0)
    middleware (0.1.0)
    minitest (5.14.2)
    multi_test (0.1.2)
    protobuf-cucumber (3.10.8)
      activesupport (>= 3.2)
      middleware
      thor
      thread_safe
    rake (10.2.2)
    rspec (3.8.0)
      rspec-core (~> 3.8.0)
      rspec-expectations (~> 3.8.0)
      rspec-mocks (~> 3.8.0)
    rspec-core (3.8.0)
      rspec-support (~> 3.8.0)
    rspec-expectations (3.8.2)
      diff-lcs (>= 1.2.0, < 2.0)
      rspec-support (~> 3.8.0)
    rspec-mocks (3.8.0)
      diff-lcs (>= 1.2.0, < 2.0)
      rspec-support (~> 3.8.0)
    rspec-support (3.8.0)
    sys-uname (1.2.1)
      ffi (>= 1.0.0)
    thor (1.0.1)
    thread_safe (0.3.6)
    tzinfo (1.2.7)
      thread_safe (~> 0.1)
    zeitwerk (2.4.0)

PLATFORMS
  ruby

DEPENDENCIES
  cucumber_in_groups!
  rake
  rspec (~> 3.6)

BUNDLED WITH
   1.17.3
